GEM
  remote: http://rubygems.org/
  specs:
    activemodel (5.0.0.1)
      activesupport (= 5.0.0.1)
    activesupport (5.0.0.1)
      concurrent-ruby (~> 1.0, >= 1.0.2)
      i18n (~> 0.7)
      minitest (~> 5.1)
      tzinfo (~> 1.1)
    aws-sdk (2.6.5)
      aws-sdk-resources (= 2.6.5)
    aws-sdk-core (2.6.5)
      jmespath (~> 1.0)
    aws-sdk-resources (2.6.5)
      aws-sdk-core (= 2.6.5)
    axiom-types (0.1.1)
      descendants_tracker (~> 0.0.4)
      ice_nine (~> 0.11.0)
      thread_safe (~> 0.3, >= 0.3.1)
    bson (4.1.1)
    builder (3.2.2)
    byebug (9.0.6)
    coercible (1.0.0)
      descendants_tracker (~> 0.0.1)
    concurrent-ruby (1.0.2)
    descendants_tracker (0.0.4)
      thread_safe (~> 0.3, >= 0.3.1)
    dotenv (2.1.1)
    enumerable-lazy (0.0.1)
    equalizer (0.0.11)
    grape (0.17.0)
      activesupport
      builder
      hashie (>= 2.1.0)
      multi_json (>= 1.3.2)
      multi_xml (>= 0.5.2)
      mustermann19 (~> 0.4.3)
      rack (>= 1.3.0)
      rack-accept
      virtus (>= 1.0.0)
    hashie (3.4.6)
    i18n (0.7.0)
    ice_nine (0.11.2)
    jmespath (1.3.1)
    kgio (2.10.0)
    minitest (5.9.1)
    mongo (2.3.0)
      bson (~> 4.1)
    mongoid (6.0.0)
      activemodel (~> 5.0)
      mongo (~> 2.3)
    multi_json (1.12.1)
    multi_xml (0.5.5)
    mustermann19 (0.4.4)
      enumerable-lazy
    rack (2.0.1)
    rack-accept (0.4.5)
      rack (>= 0.4)
    raindrops (0.17.0)
    thread_safe (0.3.5)
    tzinfo (1.2.2)
      thread_safe (~> 0.1)
    unicorn (5.1.0)
      kgio (~> 2.6)
      raindrops (~> 0.7)
    virtus (1.0.5)
      axiom-types (~> 0.1)
      coercible (~> 1.0)
      descendants_tracker (~> 0.0, >= 0.0.3)
      equalizer (~> 0.0, >= 0.0.9)
    warden (1.2.6)
      rack (>= 1.0)

PLATFORMS
  ruby

DEPENDENCIES
  aws-sdk (~> 2)
  byebug
  dotenv
  grape
  mongoid
  rack
  unicorn
  warden

BUNDLED WITH
   1.13.2
